GEM
  remote: https://rubygems.org/
  specs:
    rake (10.4.1)

PLATFORMS
  ruby

DEPENDENCIES
  rake
