GEM
  remote: https://rubygems.org/
  specs:
    rake (11.1.1)

PLATFORMS
  ruby

DEPENDENCIES
  rake
